PATH
  remote: .
  specs:
    itrg_rubocop_config (1.0.1)

GEM
  remote: https://rubygems.org/
  specs:

PLATFORMS
  ruby

DEPENDENCIES
  itrg_rubocop_config!

BUNDLED WITH
   1.16.0
