PATH
  remote: .
  specs:
    itrg_rubocop_config (1.1.0)

GEM
  remote: https://rubygems.org/
  specs:
    ast (2.4.0)
    childprocess (0.9.0)
      ffi (~> 1.0, >= 1.0.11)
    ffi (1.9.25)
    iniparse (1.4.4)
    jaro_winkler (1.5.1)
    overcommit (0.45.0)
      childprocess (~> 0.6, >= 0.6.3)
      iniparse (~> 1.4)
    parallel (1.12.1)
    parser (2.5.1.2)
      ast (~> 2.4.0)
    powerpack (0.1.2)
    rainbow (3.0.0)
    rubocop (0.58.1)
      jaro_winkler (~> 1.5.1)
      parallel (~> 1.10)
      parser (>= 2.5, != 2.5.1.1)
      powerpack (~> 0.1)
      rainbow (>= 2.2.2, < 4.0)
      ruby-progressbar (~> 1.7)
      unicode-display_width (~> 1.0, >= 1.0.1)
    ruby-progressbar (1.9.0)
    unicode-display_width (1.4.0)

PLATFORMS
  ruby

DEPENDENCIES
  itrg_rubocop_config!
  overcommit
  rubocop

BUNDLED WITH
   1.16.2
